GIT
  remote: https://github.com/palexander/faraday-http-cache.git
  revision: 5f6ddabc206218b8b837a332a8fbd253e93b70c4
  specs:
    faraday-http-cache (0.2.1)
      activesupport (>= 2.0)
      faraday (~> 0.8)
      multi_json (~> 1.3)

PATH
  remote: .
  specs:
    ontologies_api_client (0.0.2)
      faraday
      multi_json
      oj (<= 2.0.14)
      typhoeus

GEM
  remote: https://rubygems.org/
  specs:
    activesupport (4.0.0)
      i18n (~> 0.6, >= 0.6.4)
      minitest (~> 4.2)
      multi_json (~> 1.3)
      thread_safe (~> 0.1)
      tzinfo (~> 0.3.37)
    atomic (1.1.10)
    coderay (1.0.9)
    ethon (0.5.12)
      ffi (>= 1.3.0)
      mime-types (~> 1.18)
    faraday (0.8.7)
      multipart-post (~> 1.1)
    ffi (1.9.0)
    i18n (0.6.4)
    method_source (0.8.1)
    mime-types (1.23)
    minitest (4.7.5)
    multi_json (1.7.7)
    multipart-post (1.2.0)
    oj (2.0.14)
    pry (0.9.12.2)
      coderay (~> 1.0.5)
      method_source (~> 0.8)
      slop (~> 3.4)
    rake (10.0.4)
    slop (3.4.5)
    thread_safe (0.1.0)
      atomic
    typhoeus (0.6.3)
      ethon (~> 0.5.11)
    tzinfo (0.3.37)

PLATFORMS
  ruby

DEPENDENCIES
  faraday-http-cache!
  ontologies_api_client!
  pry
  rake
