PATH
  remote: .
  specs:
    ontologies_api_client (0.0.6)
      activesupport (<= 3.0)
      excon
      faraday
      lz4-ruby
      multi_json
      oj

GEM
  remote: https://rubygems.org/
  specs:
    activesupport (3.0.0)
    coderay (1.1.0)
    excon (0.43.0)
    faraday (0.9.1)
      multipart-post (>= 1.2, < 3)
    lz4-ruby (0.3.3)
    method_source (0.8.2)
    multi_json (1.10.1)
    multipart-post (2.0.0)
    oj (2.11.4)
    pry (0.9.12.3)
      coderay (~> 1.0)
      method_source (~> 0.8)
      slop (~> 3.4)
    rake (10.1.0)
    slop (3.4.7)

PLATFORMS
  ruby

DEPENDENCIES
  ontologies_api_client!
  pry
  rake
