PATH
  remote: .
  specs:
    ontologies_api_client (0.0.2)
      excon
      faraday
      lz4-ruby
      multi_json
      oj (<= 2.0.14)

GEM
  remote: https://rubygems.org/
  specs:
    coderay (1.1.0)
    excon (0.29.0)
    faraday (0.8.8)
      multipart-post (~> 1.2.0)
    lz4-ruby (0.1.7)
    method_source (0.8.2)
    multi_json (1.8.2)
    multipart-post (1.2.0)
    oj (2.0.14)
    pry (0.9.12.3)
      coderay (~> 1.0)
      method_source (~> 0.8)
      slop (~> 3.4)
    rake (10.1.0)
    slop (3.4.7)

PLATFORMS
  ruby

DEPENDENCIES
  ontologies_api_client!
  pry
  rake
