PATH
  remote: .
  specs:
    ontologies_api_client (0.0.1)
      faraday
      multi_json
      oj
      typhoeus

GEM
  remote: https://rubygems.org/
  specs:
    coderay (1.0.9)
    ethon (0.5.11)
      ffi (>= 1.3.0)
      mime-types (~> 1.18)
    faraday (0.8.7)
      multipart-post (~> 1.1)
    ffi (1.7.0)
    method_source (0.8.1)
    mime-types (1.22)
    multi_json (1.7.2)
    multipart-post (1.2.0)
    oj (2.0.10)
    pry (0.9.12)
      coderay (~> 1.0.5)
      method_source (~> 0.8)
      slop (~> 3.4)
    slop (3.4.4)
    typhoeus (0.6.3)
      ethon (~> 0.5.11)

PLATFORMS
  ruby

DEPENDENCIES
  ontologies_api_client!
  pry
