PATH
  remote: .
  specs:
    ontologies_api_client (0.0.2)
      faraday
      multi_json
      oj
      typhoeus

GEM
  remote: https://rubygems.org/
  specs:
    ethon (0.5.11)
      ffi (>= 1.3.0)
      mime-types (~> 1.18)
    faraday (0.8.7)
      multipart-post (~> 1.1)
    ffi (1.7.0)
    mime-types (1.22)
    multi_json (1.7.2)
    multipart-post (1.2.0)
    oj (2.0.11)
    rake (10.0.4)
    typhoeus (0.6.3)
      ethon (~> 0.5.11)

PLATFORMS
  ruby

DEPENDENCIES
  ontologies_api_client!
  rake
