PATH
  remote: .
  specs:
    ontologies_api_client (0.0.6)
      activesupport (~> 4.2.1)
      excon
      faraday
      lz4-ruby
      multi_json
      oj
      spawnling

GEM
  remote: https://rubygems.org/
  specs:
    activesupport (4.2.7.1)
      i18n (~> 0.7)
      json (~> 1.7, >= 1.7.7)
      minitest (~> 5.1)
      thread_safe (~> 0.3, >= 0.3.4)
      tzinfo (~> 1.1)
    coderay (1.1.1)
    excon (0.53.0)
    faraday (0.9.2)
      multipart-post (>= 1.2, < 3)
    i18n (0.7.0)
    json (1.8.3)
    lz4-ruby (0.3.3)
    method_source (0.8.2)
    minitest (5.9.1)
    multi_json (1.12.1)
    multipart-post (2.0.0)
    oj (2.17.4)
    pry (0.10.4)
      coderay (~> 1.1.0)
      method_source (~> 0.8.1)
      slop (~> 3.4)
    rake (11.3.0)
    slop (3.6.0)
    spawnling (2.1.6)
    thread_safe (0.3.5)
    tzinfo (1.2.2)
      thread_safe (~> 0.1)

PLATFORMS
  ruby

DEPENDENCIES
  ontologies_api_client!
  pry
  rake

BUNDLED WITH
   1.12.5
